FRAMEWORK: NET451
NUGET
  remote: https://www.nuget.org/api/v2
    Aether (8.2)
      FSharp.Core (>= 4.1)
    Anat (1.0.1)
      FSharp.Core (>= 3.1.2.5)
    FParsec (1.0.2)
    Freya (3.0.0-rc01)
      Freya.Machines.Http (>= 3.0.0-rc < 3.1.0-rc)
      Freya.Machines.Http.Cors (>= 3.0.0-rc < 3.1.0-rc)
      Freya.Machines.Http.Patch (>= 3.0.0-rc < 3.1.0-rc)
      Freya.Routers.Uri.Template (>= 3.0.0-rc < 3.1.0-rc)
    Freya.Core (3.0.0-rc07)
      Aether (>= 8.1 < 9.0)
    Freya.Machines (3.0.0-rc03)
      Aether (>= 8.1 < 9.0)
      Freya.Core (>= 3.0.0-rc < 3.1.0-rc)
      Hephaestus (>= 5.0 < 6.0)
    Freya.Machines.Http (3.0.0-rc05)
      Aether (>= 8.1 < 9.0)
      Freya.Core (>= 3.0.0-rc < 3.1.0-rc)
      Freya.Machines (>= 3.0.0-rc03)
      Freya.Optics.Http (>= 3.0.0-rc < 3.1.0-rc)
      Freya.Types.Http (>= 3.0.0-rc < 3.1.0-rc)
      Freya.Types.Language (>= 3.0.0-rc < 3.1.0-rc)
      Hephaestus (>= 5.0 < 6.0)
    Freya.Machines.Http.Cors (3.0.0-rc02)
      Aether (>= 8.1 < 9.0)
      Freya.Core (>= 3.0.0-rc < 3.1.0-rc)
      Freya.Machines (>= 3.0.0-rc03)
      Freya.Machines.Http (>= 3.0.0-rc05)
      Freya.Optics.Http (>= 3.0.0-rc < 3.1.0-rc)
      Freya.Optics.Http.Cors (>= 3.0.0-rc < 3.1.0-rc)
      Freya.Types.Http (>= 3.0.0-rc < 3.1.0-rc)
      Freya.Types.Http.Cors (>= 3.0.0-rc < 3.1.0-rc)
      Hephaestus (>= 5.0 < 6.0)
    Freya.Machines.Http.Patch (3.0.0-rc02)
      Aether (>= 8.1 < 9.0)
      Freya.Core (>= 3.0.0-rc < 3.1.0-rc)
      Freya.Machines (>= 3.0.0-rc03)
      Freya.Machines.Http (>= 3.0.0-rc05)
      Freya.Optics.Http (>= 3.0.0-rc < 3.1.0-rc)
      Freya.Optics.Http.Patch (>= 3.0.0-rc < 3.1.0-rc)
      Freya.Types.Http (>= 3.0.0-rc < 3.1.0-rc)
      Freya.Types.Http.Patch (>= 3.0.0-rc < 3.1.0-rc)
      Hephaestus (>= 5.0 < 6.0)
    Freya.Optics (3.0.0-rc02)
      Aether (>= 8.1 < 9.0)
    Freya.Optics.Http (3.0.0-rc02)
      Aether (>= 8.1 < 9.0)
      Freya.Core (>= 3.0.0-rc < 3.1.0-rc)
      Freya.Optics (>= 3.0.0-rc02)
      Freya.Types.Http (>= 3.0.0-rc < 3.1.0-rc)
      Freya.Types.Uri (>= 3.0.0-rc < 3.1.0-rc)
    Freya.Optics.Http.Cors (3.0.0-rc02)
      Aether (>= 8.1 < 9.0)
      Freya.Core (>= 3.0.0-rc < 3.1.0-rc)
      Freya.Optics (>= 3.0.0-rc02)
      Freya.Optics.Http (>= 3.0.0-rc02)
      Freya.Types.Http.Cors (>= 3.0.0-rc < 3.1.0-rc)
    Freya.Optics.Http.Patch (3.0.0-rc02)
      Aether (>= 8.1 < 9.0)
      Freya.Core (>= 3.0.0-rc < 3.1.0-rc)
      Freya.Optics (>= 3.0.0-rc02)
      Freya.Optics.Http (>= 3.0.0-rc02)
      Freya.Types.Http.Patch (>= 3.0.0-rc < 3.1.0-rc)
    Freya.Polyfills (3.0.0-rc02)
      Freya.Core (>= 3.0.0-rc < 3.1.0-rc)
    Freya.Routers (3.0.0-rc03)
      Aether (>= 8.1 < 9.0)
    Freya.Routers.Uri.Template (3.0.0-rc05)
      Aether (>= 8.1 < 9.0)
      Anat (>= 1.0 < 2.0)
      Freya.Core (>= 3.0.0-rc < 3.1.0-rc)
      Freya.Optics.Http (>= 3.0.0-rc < 3.1.0-rc)
      Freya.Polyfills (>= 3.0.0-rc < 3.1.0-rc)
      Freya.Routers (>= 3.0.0-rc03)
      Freya.Types.Http (>= 3.0.0-rc < 3.1.0-rc)
      Freya.Types.Uri (>= 3.0.0-rc < 3.1.0-rc)
      Freya.Types.Uri.Template (>= 3.0.0-rc < 3.1.0-rc)
    Freya.Types (3.0.0-rc01)
      FParsec (>= 1.0 < 2.0)
    Freya.Types.Http (3.0.0-rc01)
      FParsec (>= 1.0 < 2.0)
      Freya.Types (>= 3.0.0-rc01)
      Freya.Types.Language (>= 3.0.0-rc01)
      Freya.Types.Uri (>= 3.0.0-rc01)
    Freya.Types.Http.Cors (3.0.0-rc01)
      FParsec (>= 1.0 < 2.0)
      Freya.Types (>= 3.0.0-rc01)
      Freya.Types.Http (>= 3.0.0-rc01)
      Freya.Types.Language (>= 3.0.0-rc01)
      Freya.Types.Uri (>= 3.0.0-rc01)
    Freya.Types.Http.Patch (3.0.0-rc01)
      FParsec (>= 1.0 < 2.0)
      Freya.Types (>= 3.0.0-rc01)
      Freya.Types.Http (>= 3.0.0-rc01)
      Freya.Types.Language (>= 3.0.0-rc01)
      Freya.Types.Uri (>= 3.0.0-rc01)
    Freya.Types.Language (3.0.0-rc01)
      FParsec (>= 1.0 < 2.0)
      Freya.Types (>= 3.0.0-rc01)
    Freya.Types.Uri (3.0.0-rc01)
      FParsec (>= 1.0 < 2.0)
      Freya.Types (>= 3.0.0-rc01)
    Freya.Types.Uri.Template (3.0.0-rc03)
      FParsec (>= 1.0 < 2.0)
      Freya.Types (>= 3.0.0-rc01)
      Freya.Types.Uri (>= 3.0.0-rc01)
    FSharp.Core (4.1.2)
      System.ValueTuple (>= 4.3)
    FSharp.Text.RegexProvider (1.0)
    FSharpComposableQuery (1.0.4-beta)
    Hekate (3.2.1)
      Aether (>= 8.2 < 9.0)
      FSharp.Core (>= 4.1)
    Hephaestus (5.0)
      Aether (>= 8.1 < 9.0)
      Anat (>= 1.0 < 2.0)
      Hekate (>= 3.2 < 4.0)
    SQLProvider (1.0.51)
    System.ValueTuple (4.3)
    Unquote (3.2)
